PATH
  remote: .
  specs:
    guard-chef (0.0.1)
      guard (>= 0.2.2)

GEM
  remote: http://rubygems.org/
  specs:
    activesupport (3.0.5)
    diff-lcs (1.1.2)
    growl (1.0.3)
    guard (0.3.4)
      thor (~> 0.14.6)
    i18n (0.5.0)
    rake (0.8.7)
    rb-fsevent (0.4.0)
    rspec (2.0.1)
      rspec-core (~> 2.0.1)
      rspec-expectations (~> 2.0.1)
      rspec-mocks (~> 2.0.1)
    rspec-core (2.0.1)
    rspec-expectations (2.0.1)
      diff-lcs (>= 1.1.2)
    rspec-mocks (2.0.1)
      rspec-core (~> 2.0.1)
      rspec-expectations (~> 2.0.1)
    thor (0.14.6)

PLATFORMS
  ruby

DEPENDENCIES
  activesupport (>= 3.0.1)
  bundler (~> 1.0.2)
  growl (~> 1.0.3)
  guard-chef!
  i18n (>= 0.5.0)
  rake
  rb-fsevent (>= 0.3.2)
  rspec (~> 2.0.1)
